GEM
  remote: http://rubygems.org/
  specs:
    hoe (2.12.5)
      rake (~> 0.8)
    json (1.6.5)
    mime-types (1.17.2)
    rack (1.4.1)
    rack-protection (1.2.0)
      rack
    rack-test (0.6.1)
      rack (>= 1.0)
    rake (0.9.3)
    rcov (0.9.11)
    rdoc (3.12)
      json (~> 1.4)
    rest-client (1.6.7)
      mime-types (>= 1.16)
    sinatra (1.3.2)
      rack (>= 1.3.6, ~> 1.3)
      rack-protection (~> 1.2)
      tilt (>= 1.3.3, ~> 1.3)
    tilt (1.3.3)

PLATFORMS
  ruby

DEPENDENCIES
  hoe (~> 2.12.4)
  rack-test (~> 0.6.1)
  rcov (~> 0.9.11)
  rdoc (~> 3.11)
  rest-client (~> 1.6.7)
  sinatra (~> 1.3.1)
