GEM
  remote: http://rubygems.org/
  specs:
    hoe (3.1.0)
      rake (~> 0.8)
    json (1.7.5)
    mime-types (1.19)
    rack (1.4.1)
    rack-protection (1.2.0)
      rack
    rack-test (0.6.2)
      rack (>= 1.0)
    rake (0.9.2.2)
    rdoc (3.12)
      json (~> 1.4)
    rest-client (1.6.7)
      mime-types (>= 1.16)
    sinatra (1.3.3)
      rack (~> 1.3, >= 1.3.6)
      rack-protection (~> 1.2)
      tilt (~> 1.3, >= 1.3.3)
    tilt (1.3.3)

PLATFORMS
  ruby

DEPENDENCIES
  hoe (~> 3.1.0)
  rack-test (~> 0.6.1)
  rake (~> 0.9.2.2)
  rdoc (~> 3.12)
  rest-client (~> 1.6.7)
  sinatra (~> 1.3.2)
